GEM
  remote: https://rubygems.org/
  specs:
    diff-lcs (1.2.5)
    ffi (1.9.10)
    ffi-aspell (1.1.0)
      ffi
    observr (1.0.5)
    rake (10.4.2)
    rspec (3.4.0)
      rspec-core (~> 3.4.0)
      rspec-expectations (~> 3.4.0)
      rspec-mocks (~> 3.4.0)
    rspec-core (3.4.1)
      rspec-support (~> 3.4.0)
    rspec-expectations (3.4.0)
      diff-lcs (>= 1.2.0, < 2.0)
      rspec-support (~> 3.4.0)
    rspec-mocks (3.4.1)
      diff-lcs (>= 1.2.0, < 2.0)
      rspec-support (~> 3.4.0)
    rspec-support (3.4.1)
    skeptic (0.0.16)
      ffi-aspell
      trollop (>= 1.16.2)
    trollop (2.1.2)

PLATFORMS
  ruby

DEPENDENCIES
  observr
  rake
  rspec
  skeptic (~> 0.0.16)

BUNDLED WITH
   1.10.6
